PATH
  remote: .
  specs:
    baran (0.2.1)

GEM
  remote: https://rubygems.org/
  specs:
    minitest (5.22.3)
    rake (13.2.1)

PLATFORMS
  arm64-darwin-22
  x86_64-linux

DEPENDENCIES
  baran!
  minitest (~> 5.22)
  rake (~> 13.2)

BUNDLED WITH
   2.4.7
